GEM
  remote: https://rubygems.org/
  specs:
    mini_portile2 (2.8.0)
    nokogiri (1.13.9)
      mini_portile2 (~> 2.8.0)
      racc (~> 1.4)
    racc (1.6.0)
    thor (0.15.2)

PLATFORMS
  ruby

DEPENDENCIES
  nokogiri
  thor
